GEM
  remote: https://rubygems.org/
  specs:
    backports (3.6.8)
    multi_json (1.11.2)
    rack (1.6.13)
    rack-protection (1.5.3)
      rack
    rack-test (0.6.3)
      rack (>= 1.0)
    sinatra (1.4.7)
      rack (~> 1.5)
      rack-protection (~> 1.4)
      tilt (>= 1.3, < 3)
    sinatra-contrib (1.4.6)
      backports (>= 2.0)
      multi_json
      rack-protection
      rack-test
      sinatra (~> 1.4.0)
      tilt (>= 1.3, < 3)
    tilt (2.0.2)
    turbolinks-source (5.0.0.beta1.1)

PLATFORMS
  ruby

DEPENDENCIES
  sinatra
  sinatra-contrib
  turbolinks-source

BUNDLED WITH
   1.11.2
